PATH
  remote: .
  specs:
    marmara (1.0)
      css_parser (>= 1.5.0.pre)

GEM
  remote: https://rubygems.org/
  specs:
    addressable (2.5.0)
      public_suffix (~> 2.0, >= 2.0.2)
    css_parser (1.5.0.pre)
      addressable
    diff-lcs (1.3)
    public_suffix (2.0.5)
    rake (12.0.0)
    rspec (3.5.0)
      rspec-core (~> 3.5.0)
      rspec-expectations (~> 3.5.0)
      rspec-mocks (~> 3.5.0)
    rspec-core (3.5.4)
      rspec-support (~> 3.5.0)
    rspec-expectations (3.5.0)
      diff-lcs (>= 1.2.0, < 2.0)
      rspec-support (~> 3.5.0)
    rspec-mocks (3.5.0)
      diff-lcs (>= 1.2.0, < 2.0)
      rspec-support (~> 3.5.0)
    rspec-support (3.5.0)
    yard (0.9.8)

PLATFORMS
  x86-mingw32

DEPENDENCIES
  bundler
  marmara!
  rake
  rspec
  yard

BUNDLED WITH
   1.14.4
